GEM
  remote: http://rubygems.org/
  specs:
    activesupport (3.1.1)
      multi_json (~> 1.0)
    app_conf (0.3.0)
    bluecloth (2.1.0)
    builder (3.0.0)
    diff-lcs (1.1.2)
    excon (0.9.4)
    fakefs (0.4.0)
    ffi (1.0.9)
    fog (1.1.2)
      builder
      excon (~> 0.9.0)
      formatador (~> 0.2.0)
      mime-types
      multi_json (~> 1.0.3)
      net-scp (~> 1.0.4)
      net-ssh (>= 2.1.3)
      nokogiri (~> 1.5.0)
      ruby-hmac
    formatador (0.2.1)
    guard (0.9.3)
      ffi (>= 0.5.0)
      thor (~> 0.14.6)
    guard-bundler (0.1.3)
      bundler (>= 1.0.0)
      guard (>= 0.2.2)
    guard-rspec (0.4.3)
      guard (>= 0.4.0)
    highline (1.6.2)
    i18n (0.6.0)
    iobuffer (1.0.0)
    libnotify (0.5.7)
    mime-types (1.17.2)
    multi_json (1.0.3)
    net-scp (1.0.4)
      net-ssh (>= 1.99.1)
    net-ssh (2.2.1)
    nokogiri (1.5.0)
    rake (0.9.2.2)
    rb-inotify (0.8.6)
      ffi (>= 0.5.0)
    rev (0.3.2)
      iobuffer (>= 0.1.3)
    rspec (2.5.0)
      rspec-core (~> 2.5.0)
      rspec-expectations (~> 2.5.0)
      rspec-mocks (~> 2.5.0)
    rspec-core (2.5.1)
    rspec-expectations (2.5.0)
      diff-lcs (~> 1.1.2)
    rspec-mocks (2.5.0)
    ruby-hmac (0.4.0)
    simplecov (0.4.1)
      simplecov-html (~> 0.4.3)
    simplecov-html (0.4.3)
    thor (0.14.6)
    yard (0.7.2)

PLATFORMS
  ruby

DEPENDENCIES
  activesupport
  app_conf
  bluecloth
  fakefs
  fog
  guard
  guard-bundler
  guard-rspec
  highline
  i18n
  libnotify
  net-scp
  net-ssh
  rake
  rb-inotify
  rev
  rspec
  simplecov
  yard
