PATH
  remote: .
  specs:
    machines (0.0.1)
      activesupport
      amazon-ec2
      app_conf
      highline
      i18n
      net-scp
      net-ssh
      s3

GEM
  remote: http://rubygems.org/
  specs:
    activesupport (3.0.5)
    amazon-ec2 (0.9.17)
      xml-simple (>= 1.0.12)
    app_conf (0.2.2)
    autotest-growl (0.2.9)
    autotest-standalone (4.5.5)
    bluecloth (2.1.0)
    diff-lcs (1.1.2)
    highline (1.6.1)
    i18n (0.5.0)
    net-scp (1.0.4)
      net-ssh (>= 1.99.1)
    net-ssh (2.1.3)
    proxies (0.2.1)
    rspec (2.5.0)
      rspec-core (~> 2.5.0)
      rspec-expectations (~> 2.5.0)
      rspec-mocks (~> 2.5.0)
    rspec-core (2.5.1)
    rspec-expectations (2.5.0)
      diff-lcs (~> 1.1.2)
    rspec-mocks (2.5.0)
    s3 (0.3.8)
      proxies (~> 0.2.0)
    simplecov (0.4.1)
      simplecov-html (~> 0.4.3)
    simplecov-html (0.4.3)
    xml-simple (1.0.14)
    yard (0.6.5)

PLATFORMS
  ruby

DEPENDENCIES
  autotest-growl
  autotest-standalone
  bluecloth
  machines!
  rspec
  simplecov
  yard
