GEM
  remote: http://rubygems.org/
  specs:
    activesupport (3.2.2)
      i18n (~> 0.6)
      multi_json (~> 1.0)
    app_conf (0.4.0)
    bluecloth (2.2.0)
    builder (3.0.0)
    excon (0.12.0)
    fakefs (0.4.0)
    ffi (1.0.11)
    fog (1.3.0)
      builder
      excon (~> 0.12.0)
      formatador (~> 0.2.0)
      mime-types
      multi_json (~> 1.0)
      net-scp (~> 1.0.4)
      net-ssh (>= 2.1.3)
      nokogiri (~> 1.5.0)
      ruby-hmac
    formatador (0.2.1)
    guard (1.0.1)
      ffi (>= 0.5.0)
      thor (~> 0.14.6)
    guard-bundler (0.1.3)
      bundler (>= 1.0.0)
      guard (>= 0.2.2)
    guard-minitest (0.5.0)
      guard (>= 0.4)
    highline (1.6.11)
    i18n (0.6.0)
    iobuffer (1.1.2)
    libnotify (0.7.2)
    metaclass (0.0.1)
    mime-types (1.18)
    minitest (2.11.4)
    minitest-libnotify (0.2.2)
      libnotify
      minitest
    mocha (0.10.5)
      metaclass (~> 0.0.1)
    multi_json (1.1.0)
    net-scp (1.0.4)
      net-ssh (>= 1.99.1)
    net-ssh (2.3.0)
    nokogiri (1.5.2)
    rake (0.9.2.2)
    rev (0.3.2)
      iobuffer (>= 0.1.3)
    ruby-hmac (0.4.0)
    simplecov (0.6.1)
      multi_json (~> 1.0)
      simplecov-html (~> 0.5.3)
    simplecov-html (0.5.3)
    thor (0.14.6)
    yard (0.7.5)

PLATFORMS
  ruby

DEPENDENCIES
  activesupport
  app_conf
  bluecloth
  fakefs
  fog
  guard
  guard-bundler
  guard-minitest
  highline
  i18n
  minitest
  minitest-libnotify
  mocha
  net-scp
  net-ssh
  rake
  rev
  simplecov
  yard
