PATH
  remote: .
  specs:
    machines (0.3.0)
      activesupport
      amazon-ec2
      app_conf
      highline
      i18n
      net-scp
      net-ssh
      s3

GEM
  remote: http://rubygems.org/
  specs:
    activesupport (3.0.10)
    amazon-ec2 (0.9.17)
      xml-simple (>= 1.0.12)
    app_conf (0.2.4)
    bluecloth (2.1.0)
    diff-lcs (1.1.2)
    fakefs (0.3.2)
    ffi (1.0.9)
    guard (0.6.2)
      thor (~> 0.14.6)
    guard-bundler (0.1.3)
      bundler (>= 1.0.0)
      guard (>= 0.2.2)
    guard-rspec (0.4.3)
      guard (>= 0.4.0)
    highline (1.6.2)
    i18n (0.6.0)
    iobuffer (1.0.0)
    libnotify (0.5.7)
    net-scp (1.0.4)
      net-ssh (>= 1.99.1)
    net-ssh (2.2.1)
    proxies (0.2.1)
    rb-inotify (0.8.6)
      ffi (>= 0.5.0)
    rev (0.3.2)
      iobuffer (>= 0.1.3)
    rspec (2.5.0)
      rspec-core (~> 2.5.0)
      rspec-expectations (~> 2.5.0)
      rspec-mocks (~> 2.5.0)
    rspec-core (2.5.1)
    rspec-expectations (2.5.0)
      diff-lcs (~> 1.1.2)
    rspec-mocks (2.5.0)
    s3 (0.3.8)
      proxies (~> 0.2.0)
    simplecov (0.4.1)
      simplecov-html (~> 0.4.3)
    simplecov-html (0.4.3)
    thor (0.14.6)
    xml-simple (1.1.0)
    yard (0.7.2)

PLATFORMS
  ruby

DEPENDENCIES
  bluecloth
  fakefs
  guard
  guard-bundler
  guard-rspec
  libnotify
  machines!
  rb-inotify
  rev
  rspec
  simplecov
  yard
